PATH
  remote: .
  specs:
    wildmat (0.9.0)

GEM
  remote: http://rubygems.org/
  specs:
    chronic_duration (0.10.6)
      numerizer (~> 0.1.1)
    diff-lcs (1.1.3)
    numerizer (0.1.1)
    rake (13.0.1)
    rspec (2.8.0)
      rspec-core (~> 2.8.0)
      rspec-expectations (~> 2.8.0)
      rspec-mocks (~> 2.8.0)
    rspec-core (2.8.0)
    rspec-expectations (2.8.0)
      diff-lcs (~> 1.1.2)
    rspec-mocks (2.8.0)
    spec (5.3.4)
      chronic_duration (~> 0.10.2)
    yard (0.9.35)

PLATFORMS
  java
  ruby

DEPENDENCIES
  rake
  rspec (~> 2.8)
  spec
  wildmat!
  yard
