PATH
  remote: .
  specs:
    wildmat (0.9.0)

GEM
  remote: http://rubygems.org/
  specs:
    diff-lcs (1.1.3)
    rake (0.9.2.2)
    rspec (2.8.0)
      rspec-core (~> 2.8.0)
      rspec-expectations (~> 2.8.0)
      rspec-mocks (~> 2.8.0)
    rspec-core (2.8.0)
    rspec-expectations (2.8.0)
      diff-lcs (~> 1.1.2)
    rspec-mocks (2.8.0)
    spec (0.0.0)
    yard (0.7.5)

PLATFORMS
  java
  ruby

DEPENDENCIES
  rake
  rspec (~> 2.8)
  spec
  wildmat!
  yard
